GEM
  remote: http://rubygems.org/
  specs:
    archive-tar-minitar (0.5.2)
    classifier (1.3.3)
      fast-stemmer (>= 1.0.0)
    closure-compiler (0.3.3)
    directory_watcher (1.3.2)
    downlow (0.1.3)
      archive-tar-minitar (>= 0.5.2)
      rubyzip (>= 0.9.4)
    fast-stemmer (1.0.0)
    jekyll (0.7.0)
      classifier (>= 1.3.1)
      directory_watcher (>= 1.1.1)
      liquid (>= 1.9.0)
      maruku (>= 0.5.9)
    jim (0.2.3)
      downlow (>= 0.1.3)
      version_sorter (>= 1.1.0)
      yajl-ruby
    liquid (2.2.2)
    maruku (0.6.0)
      syntax (>= 1.0.0)
    rake (0.9.2)
    rdiscount (1.6.8)
    rubyzip (0.9.4)
    syntax (1.0.0)
    version_sorter (1.1.0)
    yajl-ruby (0.7.8)

PLATFORMS
  ruby

DEPENDENCIES
  closure-compiler
  jekyll
  jim
  rake
  rdiscount
